PATH
  remote: .
  specs:
    github-trello (0.1.3)
      sinatra (~> 1.3.2)
      vegas (~> 0.1.8)

GEM
  remote: http://rubygems.org/
  specs:
    rack (1.6.0)
    rack-protection (1.5.3)
      rack
    rake (10.4.2)
    sinatra (1.3.6)
      rack (~> 1.4)
      rack-protection (~> 1.3)
      tilt (~> 1.3, >= 1.3.3)
    tilt (1.4.1)
    vegas (0.1.11)
      rack (>= 1.0.0)

PLATFORMS
  x86-mingw32

DEPENDENCIES
  github-trello!
  rake
